GIT
  remote: https://github.com/livingsocial/rake-pipeline.git
  revision: 9ad948337082b62d8f7cc6c0bb72bbbbfc37d012
  specs:
    rake-pipeline (0.5.0)
      rake (~> 0.9.0)
      thor

GIT
  remote: https://github.com/wycats/rake-pipeline-web-filters.git
  revision: db2ac625cea3f0a00486f9e941ed8d5796494278
  specs:
    rake-pipeline-web-filters (0.5.0)
      rack
      rake-pipeline

GEM
  remote: http://rubygems.org/
  specs:
    highline (1.6.9)
    json (1.6.3)
    rack (1.4.0)
    rake (0.9.2.2)
    redcarpet (2.0.1)
    thor (0.14.6)

PLATFORMS
  ruby

DEPENDENCIES
  highline
  json
  rack
  rake-pipeline!
  rake-pipeline-web-filters!
  redcarpet
