GIT
  remote: https://github.com/middleman/middleman.git
  revision: 75fba6aa54899ce69c3709dadb0080dce086a465
  ref: 75fba6aa54899ce69c3709dadb0080dce086a465
  specs:
    middleman (3.0.0.alpha.6)
      activesupport (~> 3.1.0)
      coffee-script (~> 2.2.0)
      compass (~> 0.11.3)
      execjs (~> 1.2.7)
      guard (~> 0.9.2)
      haml (~> 3.1.0)
      i18n (~> 0.6.0)
      rack (~> 1.3.5)
      rack-test (~> 0.6.1)
      redcarpet (~> 2.0.0)
      sass (~> 3.1.7)
      sprockets (~> 2.1.2)
      sprockets-sass (~> 0.6.0)
      thin (~> 1.3.1)
      thor (~> 0.14.0)
      tilt (~> 1.3.1)
      uglifier (~> 1.2.0)

GEM
  remote: http://rubygems.org/
  specs:
    activesupport (3.1.3)
      multi_json (~> 1.0)
    blankslate (2.1.2.4)
    chunky_png (1.2.5)
    coffee-script (2.2.0)
      coffee-script-source
      execjs
    coffee-script-source (1.2.0)
    compass (0.11.7)
      chunky_png (~> 1.2)
      fssm (>= 0.2.7)
      sass (~> 3.1)
    daemons (1.1.6)
    eventmachine (0.12.10)
    execjs (1.2.13)
      multi_json (~> 1.0)
    ffi (1.0.11)
    fssm (0.2.8.1)
    guard (0.9.4)
      ffi (>= 0.5.0)
      thor (~> 0.14.6)
    haml (3.1.4)
    highline (1.6.8)
    hike (1.2.1)
    i18n (0.6.0)
    multi_json (1.0.4)
    pygments.rb (0.2.4)
      rubypython (~> 0.5.3)
    rack (1.3.5)
    rack-test (0.6.1)
      rack (>= 1.0)
    rake (0.9.2.2)
    redcarpet (2.0.1)
    rubypython (0.5.3)
      blankslate (>= 2.1.2.3)
      ffi (~> 1.0.7)
    sass (3.1.12)
    sprockets (2.1.2)
      hike (~> 1.2)
      rack (~> 1.0)
      tilt (~> 1.1, != 1.3.0)
    sprockets-sass (0.6.0)
      sprockets (~> 2.0)
      tilt (~> 1.1)
    thin (1.3.1)
      daemons (>= 1.0.9)
      eventmachine (>= 0.12.6)
      rack (>= 1.0.0)
    thor (0.14.6)
    tilt (1.3.3)
    uglifier (1.2.2)
      execjs (>= 0.3.0)
      multi_json (>= 1.0.2)

PLATFORMS
  ruby

DEPENDENCIES
  activesupport
  highline
  middleman!
  pygments.rb
  rake
  redcarpet
